PATH
  remote: .
  specs:
    chores_kit (0.1.0)
      dag
      rufus-scheduler

GEM
  remote: https://rubygems.org/
  specs:
    dag (0.0.9)
    diff-lcs (1.3)
    et-orbi (1.0.9)
      tzinfo
    rake (10.5.0)
    rspec (3.7.0)
      rspec-core (~> 3.7.0)
      rspec-expectations (~> 3.7.0)
      rspec-mocks (~> 3.7.0)
    rspec-core (3.7.1)
      rspec-support (~> 3.7.0)
    rspec-expectations (3.7.0)
      diff-lcs (>= 1.2.0, < 2.0)
      rspec-support (~> 3.7.0)
    rspec-mocks (3.7.0)
      diff-lcs (>= 1.2.0, < 2.0)
      rspec-support (~> 3.7.0)
    rspec-support (3.7.1)
    rufus-scheduler (3.4.2)
      et-orbi (~> 1.0)
    thread_safe (0.3.6)
    tzinfo (1.2.5)
      thread_safe (~> 0.1)

PLATFORMS
  ruby

DEPENDENCIES
  bundler (~> 1.16)
  chores_kit!
  rake (~> 10.0)
  rspec (~> 3.0)

BUNDLED WITH
   1.16.1
